GEM
  remote: http://rubygems.org/
  specs:
    actionmailer (2.3.11)
      actionpack (= 2.3.11)
    actionpack (2.3.11)
      activesupport (= 2.3.11)
      rack (~> 1.1.0)
    activerecord (2.3.11)
      activesupport (= 2.3.11)
    activeresource (2.3.11)
      activesupport (= 2.3.11)
    activesupport (2.3.11)
    builder (3.0.0)
    ci_reporter (1.6.0)
      builder (>= 2.1.2)
    gemcutter (0.5.0)
      json_pure
    git (1.2.5)
    jeweler (1.4.0)
      gemcutter (>= 0.1.0)
      git (>= 1.2.5)
      rubyforge (>= 2.0.0)
    json_pure (1.5.1)
    mocha (0.9.8)
      rake
    mysql (2.8.1)
    newrelic_rpm (2.13.5.alpha)
    rack (1.1.0)
    rails (2.3.11)
      actionmailer (= 2.3.11)
      actionpack (= 2.3.11)
      activerecord (= 2.3.11)
      activeresource (= 2.3.11)
      activesupport (= 2.3.11)
      rake (>= 0.8.3)
    rake (0.8.7)
    rubyforge (2.0.4)
      json_pure (>= 1.1.7)
    shoulda (2.11.3)
    sqlite3-ruby (1.2.5)

PLATFORMS
  ruby

DEPENDENCIES
  ci_reporter (= 1.6.0)
  gemcutter (= 0.5.0)
  jeweler (= 1.4.0)
  mocha (= 0.9.8)
  mysql (= 2.8.1)
  newrelic_rpm
  rails (= 2.3.11)
  shoulda
  sqlite3-ruby (= 1.2.5)
