GIT
  remote: git://github.com/newrelic/ci_reporter.git
  revision: ffaf36ee59c5b797f9b29a1753958ebecc744aa0
  specs:
    ci_reporter (1.6.4)
      builder (>= 2.1.2)

GIT
  remote: repo.newrelic.com:/git/ruby_agent.git
  revision: 126df92fda6a9d74d5a07b203101b297478ae18a
  specs:
    newrelic_rpm (2.13.4)

GEM
  remote: http://rubygems.org/
  specs:
    actionmailer (2.3.11)
      actionpack (= 2.3.11)
    actionpack (2.3.11)
      activesupport (= 2.3.11)
      rack (~> 1.1.0)
    activerecord (2.3.11)
      activesupport (= 2.3.11)
    activeresource (2.3.11)
      activesupport (= 2.3.11)
    activesupport (2.3.11)
    builder (3.0.0)
    gemcutter (0.5.0)
      json_pure
    git (1.2.5)
    jeweler (1.4.0)
      gemcutter (>= 0.1.0)
      git (>= 1.2.5)
      rubyforge (>= 2.0.0)
    json_pure (1.5.1)
    mocha (0.9.8)
      rake
    mysql (2.8.1)
    rack (1.1.0)
    rails (2.3.11)
      actionmailer (= 2.3.11)
      actionpack (= 2.3.11)
      activerecord (= 2.3.11)
      activeresource (= 2.3.11)
      activesupport (= 2.3.11)
      rake (>= 0.8.3)
    rake (0.8.7)
    rubyforge (2.0.4)
      json_pure (>= 1.1.7)
    shoulda (2.11.3)
    sqlite3-ruby (1.2.5)
    test-unit (2.2.0)

PLATFORMS
  ruby

DEPENDENCIES
  ci_reporter!
  gemcutter (= 0.5.0)
  jeweler (= 1.4.0)
  mocha (= 0.9.8)
  mysql (= 2.8.1)
  newrelic_rpm!
  rails (= 2.3.11)
  shoulda
  sqlite3-ruby (= 1.2.5)
  test-unit
