GIT
  remote: git://github.com/rails/activerecord-deprecated_finders.git
  revision: 2125c7b4f959c1aa025f61bdfb5f95b5d6a52b51
  specs:
    activerecord-deprecated_finders (0.0.1)

GIT
  remote: git://github.com/rails/journey.git
  revision: 5e14f7477b3d05595bf950b33812793da2c3913c
  specs:
    journey (2.0.0.20120723141804)

GIT
  remote: git://github.com/rails/rails.git
  revision: a565f80bcb0dd9687330d5644ce9baef58e9c835
  specs:
    actionmailer (4.0.0.beta)
      actionpack (= 4.0.0.beta)
      mail (~> 2.5.3)
    actionpack (4.0.0.beta)
      activesupport (= 4.0.0.beta)
      builder (~> 3.1.0)
      erubis (~> 2.7.0)
      journey (~> 2.0.0)
      rack (~> 1.4.1)
      rack-test (~> 0.6.1)
    activemodel (4.0.0.beta)
      activesupport (= 4.0.0.beta)
      builder (~> 3.1.0)
    activerecord (4.0.0.beta)
      activemodel (= 4.0.0.beta)
      activerecord-deprecated_finders (= 0.0.1)
      activesupport (= 4.0.0.beta)
      arel (~> 3.0.2)
    activesupport (4.0.0.beta)
      i18n (~> 0.6)
      minitest (~> 4.1)
      multi_json (~> 1.3)
      tzinfo (~> 0.3.33)
    rails (4.0.0.beta)
      actionmailer (= 4.0.0.beta)
      actionpack (= 4.0.0.beta)
      activerecord (= 4.0.0.beta)
      activesupport (= 4.0.0.beta)
      bundler (>= 1.2.2, < 2.0)
      railties (= 4.0.0.beta)
      sprockets-rails (~> 2.0.0.rc1)
    railties (4.0.0.beta)
      actionpack (= 4.0.0.beta)
      activesupport (= 4.0.0.beta)
      rake (>= 0.8.7)
      rdoc (~> 3.4)
      thor (>= 0.15.4, < 2.0)

PATH
  remote: ../ruby_agent
  specs:
    newrelic_rpm (3.5.4)

GEM
  remote: http://rubygems.org/
  specs:
    activerecord-mysql-adapter (0.0.1)
      activerecord (>= 3.2.9)
      activesupport (>= 3.2.9)
      mysql (>= 2.9.0)
    arel (3.0.2)
    bourne (1.1.2)
      mocha (= 0.10.5)
    builder (3.1.4)
    erubis (2.7.0)
    hike (1.2.1)
    i18n (0.6.1)
    json (1.7.5)
    mail (2.5.3)
      i18n (>= 0.4.0)
      mime-types (~> 1.16)
      treetop (~> 1.4.8)
    metaclass (0.0.1)
    mime-types (1.19)
    minitest (4.3.3)
    mocha (0.10.5)
      metaclass (~> 0.0.1)
    multi_json (1.5.0)
    mysql (2.9.0)
    polyglot (0.3.3)
    rack (1.4.1)
    rack-test (0.6.2)
      rack (>= 1.0)
    rake (10.0.2)
    rdoc (3.12)
      json (~> 1.4)
    shoulda (3.3.2)
      shoulda-context (~> 1.0.1)
      shoulda-matchers (~> 1.4.1)
    shoulda-context (1.0.1)
    shoulda-matchers (1.4.2)
      activesupport (>= 3.0.0)
      bourne (~> 1.1.2)
    sprockets (2.8.2)
      hike (~> 1.2)
      multi_json (~> 1.0)
      rack (~> 1.0)
      tilt (~> 1.1, != 1.3.0)
    sprockets-rails (2.0.0.rc1)
      actionpack (>= 3.0)
      activesupport (>= 3.0)
      sprockets (~> 2.8)
    sqlite3 (1.3.6)
    test-unit (2.3.2)
    thor (0.16.0)
    tilt (1.3.3)
    treetop (1.4.12)
      polyglot
      polyglot (>= 0.3.1)
    tzinfo (0.3.35)

PLATFORMS
  ruby

DEPENDENCIES
  activerecord-deprecated_finders!
  activerecord-mysql-adapter
  journey!
  mocha
  mysql
  newrelic_rpm!
  rack
  rack-test
  rails (~> 4.0.0.beta)!
  shoulda
  sqlite3
  test-unit (= 2.3.2)
