GIT
  remote: chi-repo.newrelic.com:/git/ruby_agent.git
  revision: 423700796e2b199724b9bd2a6d66e40c7912f9c5
  branch: integration
  specs:
    newrelic_rpm (3.1.2.beta1)

GIT
  remote: git://github.com/newrelic/ci_reporter.git
  revision: ffaf36ee59c5b797f9b29a1753958ebecc744aa0
  specs:
    ci_reporter (1.6.4)
      builder (>= 2.1.2)

GEM
  remote: http://rubygems.org/
  specs:
    actionmailer (2.3.14)
      actionpack (= 2.3.14)
    actionpack (2.3.14)
      activesupport (= 2.3.14)
      rack (~> 1.1.0)
    activerecord (2.3.14)
      activesupport (= 2.3.14)
    activeresource (2.3.14)
      activesupport (= 2.3.14)
    activesupport (2.3.14)
    builder (3.0.0)
    gemcutter (0.5.0)
      json_pure
    git (1.2.5)
    jeweler (1.4.0)
      gemcutter (>= 0.1.0)
      git (>= 1.2.5)
      rubyforge (>= 2.0.0)
    json_pure (1.5.4)
      spruz (~> 0.2.8)
    mocha (0.9.8)
      rake
    mysql (2.8.1)
    rack (1.1.2)
    rack-test (0.6.1)
      rack (>= 1.0)
    rails (2.3.14)
      actionmailer (= 2.3.14)
      actionpack (= 2.3.14)
      activerecord (= 2.3.14)
      activeresource (= 2.3.14)
      activesupport (= 2.3.14)
      rake (>= 0.8.3)
    rake (0.9.2)
    rubyforge (2.0.4)
      json_pure (>= 1.1.7)
    shoulda (2.11.3)
    spruz (0.2.13)
    sqlite3-ruby (1.2.5)
    test-unit (2.3.2)

PLATFORMS
  ruby

DEPENDENCIES
  ci_reporter!
  gemcutter (= 0.5.0)
  jeweler (= 1.4.0)
  mocha (= 0.9.8)
  mysql (= 2.8.1)
  newrelic_rpm!
  rack
  rack-test
  rails (~> 2.3.0)
  shoulda
  sqlite3-ruby (= 1.2.5)
  test-unit
